GEM
  remote: http://rubygems.org/
  specs:
    activerecord (2.3.10)
      activesupport (= 2.3.10)
    activesupport (2.3.10)
    beanstalk-client (1.1.0)
    builder (3.0.0)
    clockwork (0.2.3)
    curb (0.7.9)
    daemons (1.1.0)
    eventmachine (0.12.10)
    feedbag (0.6)
      hpricot (>= 0.6)
    feedzirra (0.0.24)
      activesupport (>= 2.3.8)
      builder (>= 2.1.2)
      curb (>= 0.2.3)
      loofah (>= 0.3.1)
      nokogiri (> 0.0.0)
      sax-machine (>= 0.0.12)
    hpricot (0.8.3)
    json_pure (1.4.3)
    loofah (1.0.0)
      nokogiri (>= 1.3.3)
    nokogiri (1.4.1)
    pg (0.9.0)
    rack (1.2.1)
    rake (0.8.7)
    sax-machine (0.0.15)
      nokogiri (> 0.0.0)
    sinatra (1.1.0)
      rack (~> 1.1)
      tilt (~> 1.1)
    stalker (0.6.1)
      beanstalk-client
      json_pure
    thin (1.2.7)
      daemons (>= 1.0.9)
      eventmachine (>= 0.12.6)
      rack (>= 1.0.0)
    tilt (1.2.1)

PLATFORMS
  ruby

DEPENDENCIES
  activerecord (= 2.3.10)
  clockwork (= 0.2.3)
  feedbag (= 0.6)
  feedzirra (= 0.0.24)
  json_pure (= 1.4.3)
  nokogiri (= 1.4.1)
  pg (= 0.9.0)
  rake (= 0.8.7)
  sinatra (= 1.1.0)
  stalker (= 0.6.1)
  thin (= 1.2.7)
