GEM
  remote: http://rubygems.org/
  specs:
    activerecord (2.3.5)
      activesupport (= 2.3.5)
    activesupport (2.3.5)
    beanstalk-client (1.1.0)
    builder (3.0.0)
    clockwork (0.1.1)
    daemons (1.1.0)
    eventmachine (0.12.10)
    feedtools (0.2.29)
      activerecord (>= 1.10.1)
      builder (>= 1.2.4)
      uuidtools (>= 1.0.0)
    json_pure (1.4.3)
    nokogiri (1.4.1)
    pg (0.9.0)
    rack (1.2.1)
    rake (0.8.7)
    sinatra (1.0)
      rack (>= 1.0)
    stalker (0.2.2)
      beanstalk-client
    thin (1.2.7)
      daemons (>= 1.0.9)
      eventmachine (>= 0.12.6)
      rack (>= 1.0.0)
    uuidtools (2.1.1)

PLATFORMS
  ruby

DEPENDENCIES
  activerecord (= 2.3.5)
  clockwork (= 0.1.1)
  feedtools (= 0.2.29)
  json_pure (= 1.4.3)
  nokogiri (= 1.4.1)
  pg (= 0.9.0)
  rake (= 0.8.7)
  sinatra (= 1.0)
  stalker (= 0.2.2)
  thin (= 1.2.7)
